GEM
  remote: https://rubygems.org/
  specs:
    netrc (0.7.7)

PLATFORMS
  ruby

DEPENDENCIES
  netrc
